GEM
  remote: https://rubygems.org/
  specs:
    axiom-types (0.1.1)
      descendants_tracker (~> 0.0.4)
      ice_nine (~> 0.11.0)
      thread_safe (~> 0.3, >= 0.3.1)
    betterlorem (0.1.2)
    coercible (1.0.0)
      descendants_tracker (~> 0.0.1)
    descendants_tracker (0.0.4)
      thread_safe (~> 0.3, >= 0.3.1)
    dry-inflector (0.2.0)
    equalizer (0.0.11)
    hanami-api (0.1.1)
      hanami-router (~> 2.0.alpha)
    hanami-router (2.0.0.alpha3)
      mustermann (~> 1.0)
      mustermann-contrib (~> 1.0)
      rack (~> 2.0)
    hansi (0.2.0)
    hashie (4.1.0)
    ice_nine (0.11.2)
    inflecto (0.0.2)
    json (2.3.0)
    mustermann (1.1.1)
      ruby2_keywords (~> 0.0.1)
    mustermann-contrib (1.1.1)
      hansi (~> 0.2.0)
      mustermann (= 1.1.1)
    nio4r (2.5.2)
    oj (3.10.6)
    puma (4.3.5)
      nio4r (~> 2.0)
    rack (2.2.2)
    redijson_models (0.9.0)
      dry-inflector (~> 0.2.0)
      redis (~> 3.3.0)
      rejson-rb (~> 1.0.0)
      virtus (~> 1.0.5)
    redis (3.3.5)
    rejson-rb (1.0.0)
      json (~> 2.0)
      redis (~> 3.0)
    ruby2_keywords (0.0.2)
    thread_safe (0.3.6)
    virtus (1.0.5)
      axiom-types (~> 0.1)
      coercible (~> 1.0)
      descendants_tracker (~> 0.0, >= 0.0.3)
      equalizer (~> 0.0, >= 0.0.9)

PLATFORMS
  ruby

DEPENDENCIES
  betterlorem
  hanami-api (~> 0.1.1)
  hashie
  inflecto
  oj
  puma
  rack
  redijson_models (~> 0.9.0)
  redis

BUNDLED WITH
   2.1.4
